GEM
  remote: https://rubygems.org/
  specs:
    csv (3.1.9)
    diff-lcs (1.4.4)
    faraday (1.1.0)
      multipart-post (>= 1.2, < 3)
      ruby2_keywords
    json (2.3.1)
    multipart-post (2.1.1)
    pastel (0.8.0)
      tty-color (~> 0.5)
    ruby2_keywords (0.0.2)
    tty-color (0.6.0)
    tty-cursor (0.7.1)
    tty-file (0.10.0)
      diff-lcs (~> 1.3)
      pastel (~> 0.8)
      tty-prompt (~> 0.22)
    tty-font (0.5.0)
    tty-prompt (0.23.0)
      pastel (~> 0.8)
      tty-reader (~> 0.8)
    tty-reader (0.9.0)
      tty-cursor (~> 0.7)
      tty-screen (~> 0.8)
      wisper (~> 2.0)
    tty-screen (0.8.1)
    wisper (2.0.1)

PLATFORMS
  ruby

DEPENDENCIES
  csv
  faraday
  json
  pastel
  tty-file
  tty-font

BUNDLED WITH
   2.1.4
