GEM
  remote: https://rubygems.org/
  specs:
    faraday (1.1.0)
      multipart-post (>= 1.2, < 3)
      ruby2_keywords
    json (2.3.1)
    multipart-post (2.1.1)
    pastel (0.8.0)
      tty-color (~> 0.5)
    ruby2_keywords (0.0.2)
    tty-color (0.6.0)
    tty-font (0.5.0)

PLATFORMS
  ruby

DEPENDENCIES
  faraday
  json
  pastel
  tty-font

BUNDLED WITH
   2.1.4
